PATH
  remote: .
  specs:
    maestro-plugin-rake-tasks (1.0.3)
      git
      json (>= 1.4.6)
      nokogiri
      rake (>= 0.9.2)
      zippy

GEM
  remote: https://rubygems.org/
  specs:
    bouncy-castle-java (1.5.0147)
    diff-lcs (1.2.4)
    git (1.2.5)
    jruby-openssl (0.8.8)
      bouncy-castle-java (>= 1.5.0147)
    json (1.8.0-java)
    nokogiri (1.5.9-java)
    rake (10.0.3)
    rspec (2.13.0)
      rspec-core (~> 2.13.0)
      rspec-expectations (~> 2.13.0)
      rspec-mocks (~> 2.13.0)
    rspec-core (2.13.1)
    rspec-expectations (2.13.0)
      diff-lcs (>= 1.1.3, < 2.0)
    rspec-mocks (2.13.1)
    rubyzip (0.9.9)
    zippy (0.2.1)
      rubyzip (>= 0.9.1)

PLATFORMS
  java

DEPENDENCIES
  jruby-openssl
  maestro-plugin-rake-tasks!
  rspec (~> 2.13.0)
